NUGET
  remote: https://www.nuget.org/api/v2
  specs:
    HdrHistogram.NET (0.0.1-alpha)
